GEM
  specs:
    mail (2.7.1)
      mini_mime (>= 0.1.1)
    mini_mime (1.0.2)
    mustermann (1.0.3)
    rack (2.0.7)
    rack-protection (2.0.7)
      rack
    sinatra (2.0.7)
      mustermann (~> 1.0)
      rack (~> 2.0)
      rack-protection (= 2.0.7)
      tilt (~> 2.0)
    tilt (2.0.10)

PLATFORMS
  ruby

DEPENDENCIES
  mail (~> 2.6, >= 2.6.3)
  sinatra

BUNDLED WITH
   2.0.1
